GIT
  remote: git://github.com/plataformatec/devise.git
  revision: 976d77defed17adaca81381222b5b80cdd34f8ac
  specs:
    devise (1.2.rc)
      bcrypt-ruby (~> 2.1.2)
      orm_adapter (~> 0.0.2)
      warden (~> 1.0.0)

GIT
  remote: git://github.com/rails/rails.git
  revision: 918bf847d89df2aa06d3589ff88094729c67dbd9
  branch: 3-0-stable
  specs:
    actionmailer (3.0.2.pre)
      actionpack (= 3.0.2.pre)
      mail (~> 2.2.9)
    actionpack (3.0.2.pre)
      activemodel (= 3.0.2.pre)
      activesupport (= 3.0.2.pre)
      builder (~> 2.1.2)
      erubis (~> 2.6.6)
      i18n (~> 0.4.1)
      rack (~> 1.2.1)
      rack-mount (~> 0.6.13)
      rack-test (~> 0.5.6)
      tzinfo (~> 0.3.23)
    activemodel (3.0.2.pre)
      activesupport (= 3.0.2.pre)
      builder (~> 2.1.2)
      i18n (~> 0.4.1)
    activerecord (3.0.2.pre)
      activemodel (= 3.0.2.pre)
      activesupport (= 3.0.2.pre)
      arel (~> 2.0.0)
      tzinfo (~> 0.3.23)
    activeresource (3.0.2.pre)
      activemodel (= 3.0.2.pre)
      activesupport (= 3.0.2.pre)
    activesupport (3.0.2.pre)
    rails (3.0.2.pre)
      actionmailer (= 3.0.2.pre)
      actionpack (= 3.0.2.pre)
      activerecord (= 3.0.2.pre)
      activeresource (= 3.0.2.pre)
      activesupport (= 3.0.2.pre)
      bundler (~> 1.0.0)
      railties (= 3.0.2.pre)
    railties (3.0.2.pre)
      actionpack (= 3.0.2.pre)
      activesupport (= 3.0.2.pre)
      rake (>= 0.8.7)
      thor (~> 0.14.2)

GEM
  remote: http://rubygems.org/
  specs:
    abstract (1.0.0)
    arel (2.0.1)
    bcrypt-ruby (2.1.2)
    builder (2.1.2)
    daemons (1.0.10)
    erubis (2.6.6)
      abstract (>= 1.0.0)
    gem_plugin (0.2.3)
    i18n (0.4.2)
    mail (2.2.9)
      activesupport (>= 2.3.6)
      i18n (~> 0.4.1)
      mime-types (~> 1.16)
      treetop (~> 1.4.8)
    mime-types (1.16)
    mongrel (1.2.0.pre2)
      daemons (~> 1.0.10)
      gem_plugin (~> 0.2.3)
    orm_adapter (0.0.3)
    polyglot (0.3.1)
    rack (1.2.1)
    rack-mount (0.6.13)
      rack (>= 1.0.0)
    rack-test (0.5.6)
      rack (>= 1.0)
    rake (0.8.7)
    sqlite3-ruby (1.3.2)
    thor (0.14.3)
    treetop (1.4.8)
      polyglot (>= 0.3.1)
    tzinfo (0.3.23)
    warden (1.0.1)
      rack (>= 1.0.0)

PLATFORMS
  ruby

DEPENDENCIES
  devise!
  mongrel (= 1.2.0.pre2)
  rails!
  sqlite3-ruby
